GEM
  remote: https://rubygems.org/
  specs:
    diff-lcs (1.1.3)
    grit (2.4.1)
      diff-lcs (~> 1.1)
      mime-types (~> 1.15)
    json (1.7.5)
    mime-types (1.17.2)

PLATFORMS
  ruby

DEPENDENCIES
  grit (~> 2.4.1)
  json
